PATH
  remote: .
  specs:
    fast_statistics (0.1.0)

GEM
  remote: https://rubygems.org/
  specs:
    benchmark-ips (2.8.3)
    descriptive_statistics (2.5.1)
    diff-lcs (1.4.4)
    rake (12.3.3)
    rake-compiler (1.1.1)
      rake
    rspec (3.10.0)
      rspec-core (~> 3.10.0)
      rspec-expectations (~> 3.10.0)
      rspec-mocks (~> 3.10.0)
    rspec-core (3.10.0)
      rspec-support (~> 3.10.0)
    rspec-expectations (3.10.0)
      diff-lcs (>= 1.2.0, < 2.0)
      rspec-support (~> 3.10.0)
    rspec-mocks (3.10.0)
      diff-lcs (>= 1.2.0, < 2.0)
      rspec-support (~> 3.10.0)
    rspec-support (3.10.0)
    ruby_native_statistics (0.10.1)
    terminal-table (2.0.0)
      unicode-display_width (~> 1.1, >= 1.1.1)
    unicode-display_width (1.7.0)

PLATFORMS
  ruby

DEPENDENCIES
  benchmark-ips
  descriptive_statistics
  fast_statistics!
  rake (~> 12.0)
  rake-compiler (~> 1.1)
  rspec (~> 3.0)
  ruby_native_statistics
  terminal-table

BUNDLED WITH
   2.1.4
